GEM
  remote: https://rubygems.org/
  specs:
    rack (1.5.2)
    uwsgi (2.0.7)
      rack

PLATFORMS
  ruby

DEPENDENCIES
  rack
  uwsgi
